GEM
  remote: http://rubygems.org/
  specs:
    RedCloth (4.2.3)
    capistrano (2.5.19)
      highline
      net-scp (>= 1.0.0)
      net-sftp (>= 2.0.0)
      net-ssh (>= 2.0.14)
      net-ssh-gateway (>= 1.0.0)
    haml (3.0.24)
    highline (1.6.1)
    maruku (0.6.0)
      syntax (>= 1.0.0)
    nesta (0.9.4)
      RedCloth (~> 4.2)
      haml (~> 3.0)
      maruku (>= 0.6.0)
      shotgun (>= 0.8)
      sinatra (= 1.1.2)
    net-scp (1.0.4)
      net-ssh (>= 1.99.1)
    net-sftp (2.0.5)
      net-ssh (>= 2.0.9)
    net-ssh (2.1.4)
    net-ssh-gateway (1.1.0)
      net-ssh (>= 1.99.1)
    rack (1.2.1)
    shotgun (0.8)
      rack (>= 1.0)
    sinatra (1.1.2)
      rack (~> 1.1)
      tilt (~> 1.2)
    syntax (1.0.0)
    tilt (1.2.2)

PLATFORMS
  ruby

DEPENDENCIES
  capistrano (= 2.5.19)
  nesta (= 0.9.4)
